GIT
  remote: git://github.com/kmullin/clamav.git
  revision: b9bc36418bd8acbfa4467de2fc8bfb784d65d7ea
  specs:
    clamav (0.4.1)

GEM
  remote: http://rubygems.org/
  specs:
    aws-sdk (1.6.6)
      httparty (~> 0.7)
      json (~> 1.4)
      nokogiri (>= 1.4.4)
      uuidtools (~> 2.1)
    httparty (0.9.0)
      multi_json (~> 1.0)
      multi_xml
    json (1.7.5)
    multi_json (1.3.6)
    multi_xml (0.5.1)
    nokogiri (1.5.5)
    redis (3.0.1)
    sqlite3 (1.3.6)
    uuidtools (2.1.3)

PLATFORMS
  ruby

DEPENDENCIES
  aws-sdk
  clamav!
  redis
  sqlite3
