GIT
  remote: git://github.com/kmullin/clamav.git
  revision: b9bc36418bd8acbfa4467de2fc8bfb784d65d7ea
  specs:
    clamav (0.4.1)

GEM
  remote: http://rubygems.org/
  specs:
    aws-s3 (0.6.3)
      builder
      mime-types
      xml-simple
    builder (3.1.3)
    mime-types (1.19)
    sqlite3 (1.3.6)
    xml-simple (1.1.1)

PLATFORMS
  ruby

DEPENDENCIES
  aws-s3
  clamav!
  sqlite3
